PATH
  remote: .
  specs:
    roofie (0.1.0)

GEM
  remote: https://rubygems.org/
  specs:
    awesome_print (1.8.0)
    minitest (5.10.3)
    rake (10.5.0)

PLATFORMS
  ruby

DEPENDENCIES
  awesome_print
  bundler (~> 1.16)
  minitest (~> 5.0)
  rake (~> 10.0)
  roofie!

BUNDLED WITH
   1.16.0
